GEM
  remote: https://rubygems.org/
  specs:
    activesupport (7.2.1)
      base64
      bigdecimal
      concurrent-ruby (~> 1.0, >= 1.3.1)
      connection_pool (>= 2.2.5)
      drb
      i18n (>= 1.6, < 2)
      logger (>= 1.4.2)
      minitest (>= 5.1)
      securerandom (>= 0.3)
      tzinfo (~> 2.0, >= 2.0.5)
    ast (2.4.2)
    async (2.17.0)
      console (~> 1.26)
      fiber-annotation
      io-event (~> 1.6, >= 1.6.5)
    async-container (0.18.3)
      async (~> 2.10)
    async-http (0.75.0)
      async (>= 2.10.2)
      async-pool (~> 0.7)
      io-endpoint (~> 0.11)
      io-stream (~> 0.4)
      protocol-http (~> 0.30)
      protocol-http1 (~> 0.20)
      protocol-http2 (~> 0.18)
      traces (>= 0.10)
    async-http-cache (0.4.4)
      async-http (~> 0.56)
    async-pool (0.8.1)
      async (>= 1.25)
      metrics
      traces
    async-service (0.12.0)
      async
      async-container (~> 0.16)
    base64 (0.2.0)
    bcrypt (3.1.20)
    bigdecimal (3.1.8)
    concurrent-ruby (1.3.4)
    connection_pool (2.4.1)
    console (1.27.0)
      fiber-annotation
      fiber-local (~> 1.1)
      json
    debug (1.9.2)
      irb (~> 1.10)
      reline (>= 0.3.8)
    dotenv (3.1.2)
    drb (2.2.1)
    dry-core (1.0.1)
      concurrent-ruby (~> 1.0)
      zeitwerk (~> 2.6)
    dry-inflector (1.1.0)
    dry-logic (1.5.0)
      concurrent-ruby (~> 1.0)
      dry-core (~> 1.0, < 2)
      zeitwerk (~> 2.6)
    dry-types (1.7.2)
      bigdecimal (~> 3.0)
      concurrent-ruby (~> 1.0)
      dry-core (~> 1.0)
      dry-inflector (~> 1.0)
      dry-logic (~> 1.4)
      zeitwerk (~> 2.6)
    falcon (0.48.0)
      async
      async-container (~> 0.18)
      async-http (~> 0.75)
      async-http-cache (~> 0.4)
      async-service (~> 0.10)
      bundler
      localhost (~> 1.1)
      openssl (~> 3.0)
      process-metrics (~> 0.2)
      protocol-http (~> 0.31)
      protocol-rack (~> 0.7)
      samovar (~> 2.3)
    ffi (1.17.0)
    ffi (1.17.0-x86_64-linux-gnu)
    fiber-annotation (0.2.0)
    fiber-local (1.1.0)
      fiber-storage
    fiber-storage (1.0.0)
    grape (2.2.0)
      activesupport (>= 6)
      dry-types (>= 1.1)
      mustermann-grape (~> 1.1.0)
      rack (>= 2)
      zeitwerk
    grape-entity (1.0.1)
      activesupport (>= 3.0.0)
      multi_json (>= 1.3.2)
    grape-swagger (2.1.0)
      grape (>= 1.7, < 3.0)
      rack-test (~> 2)
    grape-swagger-entity (0.5.4)
      grape-entity (~> 1)
      grape-swagger (~> 2)
    i18n (1.14.6)
      concurrent-ruby (~> 1.0)
    io-console (0.7.2)
    io-endpoint (0.13.1)
    io-event (1.6.5)
    io-stream (0.4.0)
    irb (1.14.0)
      rdoc (>= 4.0.0)
      reline (>= 0.4.2)
    json (2.7.2)
    jwt (2.8.2)
      base64
    language_server-protocol (3.17.0.3)
    listen (3.9.0)
      rb-fsevent (~> 0.10, >= 0.10.3)
      rb-inotify (~> 0.9, >= 0.9.10)
    localhost (1.3.1)
    logger (1.6.1)
    mapping (1.1.1)
    metrics (0.10.2)
    minitest (5.25.1)
    multi_json (1.15.0)
    mustermann (3.0.3)
      ruby2_keywords (~> 0.0.1)
    mustermann-grape (1.1.0)
      mustermann (>= 1.0.0)
    openssl (3.2.0)
    parallel (1.26.3)
    parser (3.3.5.0)
      ast (~> 2.4.1)
      racc
    pastel (0.8.0)
      tty-color (~> 0.5)
    pg (1.5.8)
    process-metrics (0.3.0)
      console (~> 1.8)
      json (~> 2)
      samovar (~> 2.1)
    protocol-hpack (1.5.0)
    protocol-http (0.33.0)
    protocol-http1 (0.22.0)
      protocol-http (~> 0.22)
    protocol-http2 (0.18.0)
      protocol-hpack (~> 1.4)
      protocol-http (~> 0.18)
    protocol-rack (0.7.0)
      protocol-http (~> 0.27)
      rack (>= 1.0)
    psych (5.1.2)
      stringio
    racc (1.8.1)
    rack (3.1.7)
    rack-test (2.1.0)
      rack (>= 1.3)
    rainbow (3.1.1)
    rake (13.2.1)
    rb-fsevent (0.11.2)
    rb-inotify (0.11.1)
      ffi (~> 1.0)
    rdoc (6.7.0)
      psych (>= 4.0.0)
    regexp_parser (2.9.2)
    reline (0.5.9)
      io-console (~> 0.5)
    rerun (0.14.0)
      listen (~> 3.0)
    roda (3.84.0)
      rack
    rodauth (2.36.0)
      roda (>= 2.6.0)
      sequel (>= 4)
    rubocop (1.66.1)
      json (~> 2.3)
      language_server-protocol (>= 3.17.0)
      parallel (~> 1.10)
      parser (>= 3.3.0.2)
      rainbow (>= 2.2.2, < 4.0)
      regexp_parser (>= 2.4, < 3.0)
      rubocop-ast (>= 1.32.2, < 2.0)
      ruby-progressbar (~> 1.7)
      unicode-display_width (>= 2.4.0, < 3.0)
    rubocop-ast (1.32.3)
      parser (>= 3.3.1.0)
    rubocop-performance (1.21.1)
      rubocop (>= 1.48.1, < 2.0)
      rubocop-ast (>= 1.31.1, < 2.0)
    rubocop-rake (0.6.0)
      rubocop (~> 1.0)
    rubocop-sequel (0.3.4)
      rubocop (~> 1.0)
    rubocop-yard (0.9.3)
      rubocop (~> 1.21)
      yard
    ruby-progressbar (1.13.0)
    ruby2_keywords (0.0.5)
    samovar (2.3.0)
      console (~> 1.0)
      mapping (~> 1.0)
    securerandom (0.3.1)
    sequel (5.84.0)
      bigdecimal
    stringio (3.1.1)
    traces (0.13.1)
    tty-color (0.6.0)
    tzinfo (2.0.6)
      concurrent-ruby (~> 1.0)
    unicode-display_width (2.5.0)
    yard (0.9.36)
    zeitwerk (2.6.18)

PLATFORMS
  ruby
  x86_64-linux

DEPENDENCIES
  bcrypt
  debug
  dotenv
  falcon
  grape (~> 2.2)
  grape-entity (~> 1.0)
  grape-swagger
  grape-swagger-entity
  jwt
  pastel
  pg
  rake
  rerun
  roda
  rodauth
  rubocop
  rubocop-performance
  rubocop-rake
  rubocop-sequel
  rubocop-yard
  sequel

RUBY VERSION
   ruby 3.3.4p94

BUNDLED WITH
   2.5.11
